GEM
  remote: https://rubygems.org/
  specs:
    addressable (2.8.0)
      public_suffix (>= 2.0.2, < 5.0)
    akami (1.3.1)
      gyoku (>= 0.4.0)
      nokogiri
    builder (3.2.4)
    gyoku (1.3.1)
      builder (>= 2.1.2)
    httpi (2.5.0)
      rack
      socksify
    manticore (0.7.1-java)
      openssl_pkcs8_pure
    nokogiri (1.12.5-java)
      racc (~> 1.4)
    nori (2.6.0)
    openssl_pkcs8_pure (0.0.0.2)
    public_suffix (4.0.6)
    racc (1.5.2-java)
    rack (2.2.3)
    savon (2.12.1)
      akami (~> 1.2)
      builder (>= 2.1.2)
      gyoku (~> 1.2)
      httpi (~> 2.3)
      nokogiri (>= 1.8.1)
      nori (~> 2.4)
      wasabi (~> 3.4)
    socksify (1.7.1)
    wasabi (3.6.1)
      addressable
      httpi (~> 2.0)
      nokogiri (>= 1.4.2)

PLATFORMS
  universal-java-1.8

DEPENDENCIES
  manticore
  savon (~> 2.11, >= 2.11.1)

BUNDLED WITH
   2.2.29
